GIT
  remote: git://github.com/eric/metriks-librato_metrics.git
  revision: ccbeb751ec5fc4edfe446d8a67a423b96ebe86c7
  specs:
    metriks-librato_metrics (1.0.2)
      metriks (>= 0.9.9.6)

GIT
  remote: git://github.com/getsentry/raven-ruby.git
  revision: 74d6e5294e72e953e5f3339e4740722f6f8656ab
  specs:
    sentry-raven (0.12.1)
      faraday (>= 0.7.6)

GIT
  remote: git://github.com/rack/rack-contrib.git
  revision: 68a8da0256cbc37f9f9f20e4dcaf471432082816
  specs:
    rack-contrib (1.2.0)
      rack (>= 0.9.1)

GIT
  remote: git://github.com/rkh/yard-sinatra.git
  revision: 00774d355123617ff0faa7e0ebd54c4cdcfcdf93
  specs:
    yard-sinatra (1.0.0)
      yard (~> 0.7)

GIT
  remote: git://github.com/rtomayko/rack-cache.git
  revision: d00e6e491fcc7bdca9c27d735abde5c4fdb48cd9
  specs:
    rack-cache (1.2)
      rack (>= 0.4)

GIT
  remote: git://github.com/travis-ci/travis-core.git
  revision: 8fa9680a47ab457187ddf3a88461a756a6f4c2a6
  specs:
    travis-core (0.0.1)
      actionmailer (~> 3.2.19)
      activerecord (~> 3.2.19)
      coder (~> 0.4.0)
      data_migrations (~> 0.0.1)
      gh
      hashr (~> 0.0.19)
      metriks (~> 0.9.7)
      multi_json
      pusher (~> 0.12.0)
      railties (~> 3.2.19)
      rake
      redis (~> 3.0)
      rollout (~> 1.1.0)
      s3 (~> 0.3)
      simple_states (~> 1.0.0)
      thor (~> 0.14.6)
      travis-config (~> 0.1.0)
      virtus (~> 1.0.0)

GIT
  remote: git://github.com/travis-ci/travis-sidekiqs.git
  revision: cde9741f8e6811fe3929bdd0dd653b87289c5eef
  ref: cde9741
  specs:
    travis-sidekiqs (0.0.1)
      sidekiq (~> 2.5.0)

GIT
  remote: git://github.com/travis-ci/travis-support.git
  revision: 4fdd220ed7b06a12951e5d74a763c05a80eb0d20
  specs:
    travis-support (0.0.1)

GIT
  remote: git://github.com/travis-ci/travis-yaml.git
  revision: 1630d576d221aea2340615e87f402df7889b5176
  specs:
    travis-yaml (0.2.0)

PATH
  remote: .
  specs:
    travis-api (0.0.1)
      backports (~> 2.5)
      memcachier
      mustermann (~> 0.4)
      pg (~> 0.17.1)
      rack-contrib (~> 1.1)
      rack-ssl (~> 1.3, >= 1.3.3)
      redcarpet (~> 2.1)
      sinatra (~> 1.3)
      sinatra-contrib (~> 1.3)
      thin (~> 1.4)
      travis-core
      travis-support
      useragent

GEM
  remote: https://rubygems.org/
  specs:
    CFPropertyList (2.2.8)
    actionmailer (3.2.21)
      actionpack (= 3.2.21)
      mail (~> 2.5.4)
    actionpack (3.2.21)
      activemodel (= 3.2.21)
      activesupport (= 3.2.21)
      builder (~> 3.0.0)
      erubis (~> 2.7.0)
      journey (~> 1.0.4)
      rack (~> 1.4.5)
      rack-cache (~> 1.2)
      rack-test (~> 0.6.1)
      sprockets (~> 2.2.1)
    active_model_serializers (0.9.2)
      activemodel (>= 3.2)
    activemodel (3.2.21)
      activesupport (= 3.2.21)
      builder (~> 3.0.0)
    activerecord (3.2.21)
      activemodel (= 3.2.21)
      activesupport (= 3.2.21)
      arel (~> 3.0.2)
      tzinfo (~> 0.3.29)
    activesupport (3.2.21)
      i18n (~> 0.6, >= 0.6.4)
      multi_json (~> 1.0)
    addressable (2.3.6)
    arel (3.0.3)
    atomic (1.1.16)
    avl_tree (1.1.3)
    axiom-types (0.1.1)
      descendants_tracker (~> 0.0.4)
      ice_nine (~> 0.11.0)
      thread_safe (~> 0.3, >= 0.3.1)
    backports (2.8.2)
    builder (3.0.4)
    bunny (0.8.0)
    celluloid (0.12.4)
      facter (>= 1.6.12)
      timers (>= 1.0.0)
    coder (0.4.0)
    coderay (1.1.0)
    coercible (1.0.0)
      descendants_tracker (~> 0.0.1)
    connection_pool (0.9.3)
    daemons (1.1.9)
    dalli (2.7.2)
    data_migrations (0.0.1)
      activerecord
      rake
    database_cleaner (0.8.0)
    descendants_tracker (0.0.4)
      thread_safe (~> 0.3, >= 0.3.1)
    diff-lcs (1.2.5)
    dotenv (0.7.0)
    equalizer (0.0.9)
    erubis (2.7.0)
    eventmachine (1.0.4)
    facter (2.3.0)
      CFPropertyList (~> 2.2.6)
    factory_girl (2.4.2)
      activesupport
    faraday (0.9.0)
      multipart-post (>= 1.2, < 3)
    ffi (1.9.6)
    foreman (0.64.0)
      dotenv (~> 0.7.0)
      thor (>= 0.13.6)
    gh (0.13.2)
      addressable
      backports
      faraday (~> 0.8)
      multi_json (~> 1.0)
      net-http-persistent (>= 2.7)
      net-http-pipeline
    hashr (0.0.22)
    hike (1.2.3)
    hitimes (1.2.2)
    httpclient (2.3.4.1)
    i18n (0.7.0)
    ice_nine (0.11.1)
    journey (1.0.4)
    json (1.8.1)
    kgio (2.9.2)
    listen (1.0.3)
      rb-fsevent (>= 0.9.3)
      rb-inotify (>= 0.9)
      rb-kqueue (>= 0.2)
    mail (2.5.4)
      mime-types (~> 1.16)
      treetop (~> 1.4.8)
    memcachier (0.0.2)
    metaclass (0.0.4)
    method_source (0.8.2)
    metriks (0.9.9.6)
      atomic (~> 1.0)
      avl_tree (~> 1.1.2)
      hitimes (~> 1.1)
    micro_migrations (0.0.2)
      activerecord
      railties
    mime-types (1.25.1)
    mocha (0.14.0)
      metaclass (~> 0.0.1)
    multi_json (1.10.1)
    multipart-post (2.0.0)
    mustermann (0.4.0)
      tool (~> 0.2)
    net-http-persistent (2.9.4)
    net-http-pipeline (1.0.1)
    pg (0.17.1)
    polyglot (0.3.5)
    power_assert (0.2.2)
    proxies (0.2.1)
    pry (0.10.1)
      coderay (~> 1.1.0)
      method_source (~> 0.8.1)
      slop (~> 3.4)
    pusher (0.12.0)
      httpclient (~> 2.3.0)
      multi_json (~> 1.0)
      signature (~> 0.1.6)
    rack (1.4.5)
    rack-attack (4.2.0)
      rack
    rack-protection (1.5.3)
      rack
    rack-ssl (1.3.4)
      rack
    rack-test (0.6.2)
      rack (>= 1.0)
    railties (3.2.21)
      actionpack (= 3.2.21)
      activesupport (= 3.2.21)
      rack-ssl (~> 1.3.2)
      rake (>= 0.8.7)
      rdoc (~> 3.4)
      thor (>= 0.14.6, < 2.0)
    raindrops (0.13.0)
    rake (0.9.6)
    rb-fsevent (0.9.4)
    rb-inotify (0.9.5)
      ffi (>= 0.5.0)
    rb-kqueue (0.2.3)
      ffi (>= 0.5.0)
    rdoc (3.12.2)
      json (~> 1.4)
    redcarpet (2.3.0)
    redis (3.2.0)
    redis-namespace (1.5.1)
      redis (~> 3.0, >= 3.0.4)
    rerun (0.8.2)
      listen (~> 1.0.3)
    rollout (1.1.0)
    rspec (2.99.0)
      rspec-core (~> 2.99.0)
      rspec-expectations (~> 2.99.0)
      rspec-mocks (~> 2.99.0)
    rspec-core (2.99.2)
    rspec-expectations (2.99.2)
      diff-lcs (>= 1.1.3, < 2.0)
    rspec-mocks (2.99.2)
    s3 (0.3.21)
      proxies (~> 0.2.0)
    sidekiq (2.5.4)
      celluloid (~> 0.12.0)
      connection_pool (~> 0.9.2)
      multi_json (~> 1)
      redis (~> 3)
      redis-namespace
    signature (0.1.7)
    simple_states (1.0.1)
      activesupport
      hashr (~> 0.0.10)
    sinatra (1.4.5)
      rack (~> 1.4)
      rack-protection (~> 1.4)
      tilt (~> 1.3, >= 1.3.4)
    sinatra-contrib (1.4.2)
      backports (>= 2.0)
      multi_json
      rack-protection
      rack-test
      sinatra (~> 1.4.0)
      tilt (~> 1.3)
    slop (3.6.0)
    sprockets (2.2.3)
      hike (~> 1.2)
      multi_json (~> 1.0)
      rack (~> 1.0)
      tilt (~> 1.1, != 1.3.0)
    test-unit (3.0.8)
      power_assert
    thin (1.6.3)
      daemons (~> 1.0, >= 1.0.9)
      eventmachine (~> 1.0)
      rack (~> 1.0)
    thor (0.14.6)
    thread_safe (0.3.4)
    tilt (1.4.1)
    timers (4.0.1)
      hitimes
    tool (0.2.3)
    travis-config (0.1.0)
      hashr (~> 0.0)
    treetop (1.4.15)
      polyglot
      polyglot (>= 0.3.1)
    tzinfo (0.3.42)
    unicorn (4.8.3)
      kgio (~> 2.6)
      rack
      raindrops (~> 0.7)
    useragent (0.10.0)
    virtus (1.0.3)
      axiom-types (~> 0.1)
      coercible (~> 1.0)
      descendants_tracker (~> 0.0, >= 0.0.3)
      equalizer (~> 0.0, >= 0.0.9)
    yard (0.8.7.6)

PLATFORMS
  ruby

DEPENDENCIES
  active_model_serializers
  bunny (~> 0.8.0)
  dalli
  database_cleaner (~> 0.8.0)
  factory_girl (~> 2.4.0)
  foreman
  gh
  metriks (= 0.9.9.6)
  metriks-librato_metrics!
  micro_migrations
  mocha (~> 0.12)
  pry
  rack-attack
  rack-cache!
  rack-contrib!
  rake (~> 0.9.2)
  rb-fsevent (~> 0.9.1)
  rerun
  rspec (~> 2.13)
  sentry-raven!
  sinatra
  sinatra-contrib
  test-unit (~> 3.0.8)
  travis-api!
  travis-config (~> 0.1.0)
  travis-core!
  travis-sidekiqs!
  travis-support!
  travis-yaml!
  unicorn
  yard-sinatra!
